GEM
  remote: https://rubygems.org/
  specs:
    redis (4.2.2)

PLATFORMS
  x86_64-linux

DEPENDENCIES
  redis (= 4.2.2)

BUNDLED WITH
   2.2.8
